GEM
  remote: https://rubygems.org/
  specs:
    pg (0.19.0)
    sequel (4.38.0)
    sqlite3 (1.3.11)

PLATFORMS
  ruby

DEPENDENCIES
  pg
  sequel
  sqlite3

BUNDLED WITH
   1.12.5
